GIT
  remote: git://github.com/chriseppstein/compass
  revision: deddb27e01f42fc82e24cd4ac7f9502c16aeae1a
  branch: master
  specs:
    compass (0.13.alpha.4.deddb27)
      chunky_png (~> 1.2)
      listen (~> 1.0.0)
      sass (~> 3.2.5)

GIT
  remote: git://github.com/ericam/accoutrement
  revision: 0de2a8960551863b00bbe493b2a307a6d1e3cc26
  branch: master
  specs:
    accoutrement (0.0.5)
      compass (>= 0.12.2)

GIT
  remote: git://github.com/ericam/susy
  revision: e8c43289f2db03290089f459680e93a3ae506550
  branch: master
  specs:
    susy (1.0.8)
      compass (>= 0.12.2)
      sass (>= 3.2.0)

GEM
  remote: http://rubygems.org/
  specs:
    breakpoint (2.0.5)
      compass (>= 0.12.1)
      sass (>= 3.2.0)
    chunky_png (1.2.8)
    ffi (1.8.1)
    listen (1.0.3)
      rb-fsevent (>= 0.9.3)
      rb-inotify (>= 0.9)
      rb-kqueue (>= 0.2)
    modular-scale (1.0.6)
      compass (>= 0.12.1)
      sass (>= 3.2.0)
      sassy-math (>= 1.5)
    rb-fsevent (0.9.3)
    rb-inotify (0.9.0)
      ffi (>= 0.5.0)
    rb-kqueue (0.2.0)
      ffi (>= 0.5.0)
    sass (3.2.9)
    sassy-math (1.5)
      compass (~> 0.11)

PLATFORMS
  ruby

DEPENDENCIES
  accoutrement!
  breakpoint (~> 2.0.2)
  chunky_png (~> 1.2.8)
  compass!
  modular-scale (~> 1.0.6)
  rb-fsevent (~> 0.9.3)
  sass (~> 3.2.7)
  susy!
