GIT
  remote: git://github.com/chriseppstein/compass
  revision: d1689f8a6519f2ffd8e991f45055576056153d1a
  branch: master
  specs:
    compass (0.13.alpha.4.d1689f8)
      chunky_png (~> 1.2)
      listen (<= 0.9.9)
      sass (~> 3.2.5)

GIT
  remote: git://github.com/ericam/accoutrement
  revision: 0db3769371dbaf75ecc02d4731c066034be64e19
  branch: master
  specs:
    accoutrement (0.0.5)
      compass (>= 0.12.2)

GIT
  remote: git://github.com/ericam/susy
  revision: 47cf7bb5447f2d01115ec5728e5b6694403528ae
  branch: master
  specs:
    susy (1.0.8)
      compass (>= 0.12.2)
      sass (>= 3.2.0)

GEM
  remote: http://rubygems.org/
  specs:
    breakpoint (2.0.2)
      compass (>= 0.12.1)
      sass (>= 3.2.0)
    chunky_png (1.2.8)
    listen (0.7.3)
    modular-scale (1.0.6)
      compass (>= 0.12.1)
      sass (>= 3.2.0)
      sassy-math (>= 1.5)
    rb-fsevent (0.9.3)
    sass (3.2.7)
    sassy-math (1.5)
      compass (~> 0.11)

PLATFORMS
  ruby

DEPENDENCIES
  accoutrement!
  breakpoint (~> 2.0.2)
  chunky_png (~> 1.2.8)
  compass!
  modular-scale (~> 1.0.6)
  rb-fsevent (~> 0.9.3)
  sass (~> 3.2.7)
  susy!
