GIT
  remote: git://github.com/chriseppstein/compass
  revision: 34159da9a92c97a59629b4ca23cc6f7412016379
  branch: master
  specs:
    compass (0.13.alpha.4.34159da)
      chunky_png (~> 1.2)
      listen (~> 1.0.0)
      sass (>= 3.2.5, < 3.4)

GIT
  remote: git://github.com/ericam/accoutrement
  revision: 0de2a8960551863b00bbe493b2a307a6d1e3cc26
  branch: master
  specs:
    accoutrement (0.0.5)
      compass (>= 0.12.2)

GIT
  remote: git://github.com/ericam/susy
  revision: 700a1776cd5e418b5c8f5a9bececd815d445b40d
  branch: susy-next
  specs:
    susy (2.0.0.alpha.2)
      compass (>= 0.12.2)
      sass (>= 3.2.0)

GEM
  remote: http://rubygems.org/
  specs:
    breakpoint (2.0.5)
      compass (>= 0.12.1)
      sass (>= 3.2.0)
    chunky_png (1.2.8)
    ffi (1.8.1)
    listen (1.0.3)
      rb-fsevent (>= 0.9.3)
      rb-inotify (>= 0.9)
      rb-kqueue (>= 0.2)
    modular-scale (1.0.6)
      compass (>= 0.12.1)
      sass (>= 3.2.0)
      sassy-math (>= 1.5)
    rb-fsevent (0.9.3)
    rb-inotify (0.9.0)
      ffi (>= 0.5.0)
    rb-kqueue (0.2.0)
      ffi (>= 0.5.0)
    sass (3.2.9)
    sassy-math (1.5)
      compass (~> 0.11)

PLATFORMS
  ruby

DEPENDENCIES
  accoutrement!
  breakpoint (~> 2.0.2)
  compass!
  modular-scale (~> 1.0.6)
  sass (~> 3.2.7)
  susy!
